GEM
  remote: https://rubygems.org/
  specs:
    avro (1.8.0)
      multi_json
    avro-registered-schema-decoder (0.1.1)
      avro
      schema_registry
    backticks (0.4.0)
    byebug (8.2.2)
    coderay (1.1.1)
    diff-lcs (1.2.5)
    docker (0.3.1)
      backticks (~> 0.3)
    docker-compose (0.4.3)
      backticks (~> 0.4)
    kafka-consumer (0.1.3)
      kazoo-ruby (~> 0.5.1)
      poseidon (~> 0.0.5)
    kazoo-ruby (0.5.1)
      thor (~> 0.19.1)
      zookeeper (~> 1.4)
    method_source (0.8.2)
    multi_json (1.11.2)
    pg (0.18.4)
    poseidon (0.0.5)
    pry (0.10.3)
      coderay (~> 1.1.0)
      method_source (~> 0.8.1)
      slop (~> 3.4)
    pry-byebug (3.3.0)
      byebug (~> 8.0)
      pry (~> 0.10)
    rspec (3.4.0)
      rspec-core (~> 3.4.0)
      rspec-expectations (~> 3.4.0)
      rspec-mocks (~> 3.4.0)
    rspec-core (3.4.3)
      rspec-support (~> 3.4.0)
    rspec-expectations (3.4.0)
      diff-lcs (>= 1.2.0, < 2.0)
      rspec-support (~> 3.4.0)
    rspec-mocks (3.4.1)
      diff-lcs (>= 1.2.0, < 2.0)
      rspec-support (~> 3.4.0)
    rspec-support (3.4.1)
    schema_registry (0.0.4)
    slop (3.6.0)
    thor (0.19.1)
    zookeeper (1.4.11)

PLATFORMS
  ruby

DEPENDENCIES
  avro-registered-schema-decoder
  backticks
  docker
  docker-compose (>= 0.4.2)
  kafka-consumer
  kazoo-ruby (>= 0.5.1)
  pg
  pry
  pry-byebug
  rspec
  schema_registry

BUNDLED WITH
   1.11.2
